PATH
  remote: /Users/mattt/Code/Ruby/sinatra-param
  specs:
    sinatra-param (0.1.3)
      sinatra (~> 1.3)

GEM
  remote: https://rubygems.org/
  specs:
    json (1.8.1)
    kgio (2.8.1)
    rack (1.5.2)
    rack-protection (1.5.0)
      rack
    raindrops (0.12.0)
    sinatra (1.4.3)
      rack (~> 1.4)
      rack-protection (~> 1.4)
      tilt (~> 1.3, >= 1.3.4)
    tilt (1.4.1)
    unicorn (4.6.3)
      kgio (~> 2.6)
      rack
      raindrops (~> 0.7)

PLATFORMS
  ruby

DEPENDENCIES
  json
  sinatra
  sinatra-param!
  unicorn
